GIT
  remote: git://github.com/frodefi/rails-messaging.git
  revision: 4d72e78e0c9231f4914e901a5cfb13c7fa7307b2
  specs:
    messaging (0.0.1)
      carrierwave
      devise
      haml
      jquery-rails
      rails (~> 3.2.2)
      simple_form
      sunspot_rails

GIT
  remote: git://github.com/resolve/refinerycms-inquiries.git
  revision: 573627d73c531c3eb22e1b658c5bb98fd3bc0b8c
  ref: 573627d73c531c3eb22e1b658c5bb98fd3bc0b8c
  specs:
    refinerycms-inquiries (2.0.0)
      filters_spam (~> 0.2)
      refinerycms-core (~> 2.0.1)
      refinerycms-settings (~> 2.0.1)

PATH
  remote: vendor/engines/mailboxer
  specs:
    mailboxer (0.5.4)
      carrierwave (>= 0.5.8)
      foreigner (>= 0.9.1)
      rails (>= 3.1.0)
      sunspot_rails (>= 1.3.0)

PATH
  remote: vendor/engines/refinerycms-blog
  specs:
    refinerycms-blog (2.0.2)
      acts-as-taggable-on
      filters_spam (~> 0.2)
      rails_autolink
      refinerycms-core (~> 2.0.3)
      refinerycms-settings (~> 2.0.1)
      seo_meta (~> 1.3.0)

GEM
  remote: http://rubygems.org/
  specs:
    actionmailer (3.2.2)
      actionpack (= 3.2.2)
      mail (~> 2.4.0)
    actionpack (3.2.2)
      activemodel (= 3.2.2)
      activesupport (= 3.2.2)
      builder (~> 3.0.0)
      erubis (~> 2.7.0)
      journey (~> 1.0.1)
      rack (~> 1.4.0)
      rack-cache (~> 1.1)
      rack-test (~> 0.6.1)
      sprockets (~> 2.1.2)
    activemodel (3.2.2)
      activesupport (= 3.2.2)
      builder (~> 3.0.0)
    activerecord (3.2.2)
      activemodel (= 3.2.2)
      activesupport (= 3.2.2)
      arel (~> 3.0.2)
      tzinfo (~> 0.3.29)
    activeresource (3.2.2)
      activemodel (= 3.2.2)
      activesupport (= 3.2.2)
    activesupport (3.2.2)
      i18n (~> 0.6)
      multi_json (~> 1.0)
    acts-as-taggable-on (2.2.2)
      rails (~> 3.0)
    acts_as_indexed (0.7.8)
    acts_as_tree (0.1.1)
    addressable (2.2.7)
    ajaxful_rating (3.0.0.beta8)
    arel (3.0.2)
    attr_encrypted (1.2.0)
      encryptor (>= 1.1.1)
    awesome_nested_set (2.1.2)
      activerecord (>= 3.0.0)
    babosa (0.3.7)
    bcrypt-ruby (3.0.1)
    builder (3.0.0)
    capybara (1.1.2)
      mime-types (>= 1.16)
      nokogiri (>= 1.3.3)
      rack (>= 1.0.0)
      rack-test (>= 0.5.4)
      selenium-webdriver (~> 2.0)
      xpath (~> 0.1.4)
    capybara-webkit (0.11.0)
      capybara (>= 1.0.0, < 1.2)
      json
    carmen (0.2.13)
    carrierwave (0.5.8)
      activesupport (~> 3.0)
    childprocess (0.3.1)
      ffi (~> 1.0.6)
    coffee-rails (3.2.2)
      coffee-script (>= 2.2.0)
      railties (~> 3.2.0)
    coffee-script (2.2.0)
      coffee-script-source
      execjs
    coffee-script-source (1.2.0)
    cucumber (1.1.9)
      builder (>= 2.1.2)
      diff-lcs (>= 1.1.2)
      gherkin (~> 2.9.0)
      json (>= 1.4.6)
      term-ansicolor (>= 1.0.6)
    cucumber-rails (1.3.0)
      capybara (>= 1.1.2)
      cucumber (>= 1.1.8)
      nokogiri (>= 1.5.0)
    daemons (1.1.8)
    database_cleaner (0.7.2)
    devise (2.0.4)
      bcrypt-ruby (~> 3.0)
      orm_adapter (~> 0.0.3)
      railties (~> 3.1)
      warden (~> 1.1.1)
    diff-lcs (1.1.3)
    dragonfly (0.9.11)
      rack
    encryptor (1.1.3)
    erubis (2.7.0)
    escape (0.0.4)
    eventmachine (0.12.10)
    excon (0.9.6)
    execjs (1.3.0)
      multi_json (~> 1.0)
    factory_girl (3.0.0)
      activesupport (>= 3.0.0)
    factory_girl_rails (3.0.0)
      factory_girl (~> 3.0.0)
      railties (>= 3.0.0)
    ffi (1.0.11)
    filters_spam (0.3)
    fog (1.1.2)
      builder
      excon (~> 0.9.0)
      formatador (~> 0.2.0)
      mime-types
      multi_json (~> 1.0.3)
      net-scp (~> 1.0.4)
      net-ssh (>= 2.1.3)
      nokogiri (~> 1.5.0)
      ruby-hmac
    foreigner (1.1.5)
      activerecord (>= 3.0.0)
    formatador (0.2.1)
    friendly_id (4.0.4)
    gherkin (2.9.0)
      json (>= 1.4.6)
    globalize3 (0.2.0)
      activemodel (>= 3.0.0)
      activerecord (>= 3.0.0)
      paper_trail (~> 2)
    haml (3.1.4)
    hike (1.2.1)
    i18n (0.6.0)
    i18n-js (2.1.2)
      i18n
    journey (1.0.3)
    jquery-rails (2.0.1)
      railties (>= 3.2.0, < 5.0)
      thor (~> 0.14)
    json (1.6.6)
    launchy (2.1.0)
      addressable (~> 2.2.6)
    mail (2.4.4)
      i18n (>= 0.4.0)
      mime-types (~> 1.16)
      treetop (~> 1.4.8)
    mime-types (1.18)
    multi_json (1.0.4)
    mysql2 (0.3.11)
    net-scp (1.0.4)
      net-ssh (>= 1.99.1)
    net-ssh (2.3.0)
    newrelic_rpm (3.3.2.1)
    nokogiri (1.5.2)
    orm_adapter (0.0.7)
    paper_trail (2.6.3)
      activerecord (~> 3.0)
      railties (~> 3.0)
    pg (0.12.2)
    polyglot (0.3.3)
    pr_geohash (1.0.0)
    rack (1.4.1)
    rack-cache (1.2)
      rack (>= 0.4)
    rack-ssl (1.3.2)
      rack
    rack-test (0.6.1)
      rack (>= 1.0)
    rails (3.2.2)
      actionmailer (= 3.2.2)
      actionpack (= 3.2.2)
      activerecord (= 3.2.2)
      activeresource (= 3.2.2)
      activesupport (= 3.2.2)
      bundler (~> 1.0)
      railties (= 3.2.2)
    rails_autolink (1.0.6)
      rails (~> 3.1)
    railties (3.2.2)
      actionpack (= 3.2.2)
      activesupport (= 3.2.2)
      rack-ssl (~> 1.3.2)
      rake (>= 0.8.7)
      rdoc (~> 3.4)
      thor (~> 0.14.6)
    rake (0.9.2.2)
    rdoc (3.12)
      json (~> 1.4)
    refinerycms (2.0.3)
      bundler (~> 1.0)
      refinerycms-authentication (= 2.0.3)
      refinerycms-core (= 2.0.3)
      refinerycms-dashboard (= 2.0.3)
      refinerycms-images (= 2.0.3)
      refinerycms-pages (= 2.0.3)
      refinerycms-resources (= 2.0.3)
    refinerycms-authentication (2.0.3)
      devise (~> 2.0.0)
      orm_adapter (~> 0.0.7)
      refinerycms-core (= 2.0.3)
    refinerycms-core (2.0.3)
      acts_as_indexed (~> 0.7.7)
      awesome_nested_set (~> 2.1.0)
      coffee-rails (~> 3.2.1)
      friendly_id (~> 4.0.1)
      globalize3 (~> 0.2.0)
      jquery-rails (~> 2.0.0)
      rails (>= 3.1.3, < 3.3)
      sass-rails (~> 3.2.3)
      truncate_html (~> 0.5)
      uglifier (>= 1.0.3)
      will_paginate (~> 3.0.2)
    refinerycms-dashboard (2.0.3)
      refinerycms-core (= 2.0.3)
    refinerycms-i18n (2.0.0)
      refinerycms-core (~> 2.0.0)
      routing-filter (>= 0.2.3)
    refinerycms-images (2.0.3)
      dragonfly (~> 0.9.8)
      rack-cache (>= 0.5.3)
      refinerycms-core (= 2.0.3)
    refinerycms-news (2.0.0)
      friendly_id (~> 4.0.1)
      refinerycms-core (~> 2.0.1)
      refinerycms-settings (~> 2.0.0)
    refinerycms-pages (2.0.3)
      awesome_nested_set (~> 2.1.0)
      babosa (!= 0.3.6)
      refinerycms-core (= 2.0.3)
      seo_meta (~> 1.3.0)
    refinerycms-resources (2.0.3)
      dragonfly (~> 0.9.8)
      rack-cache (>= 0.5.3)
      refinerycms-core (= 2.0.3)
    refinerycms-settings (2.0.1)
      refinerycms-core (~> 2.0.1)
    rmagick (2.13.1)
    routing-filter (0.3.0)
      actionpack
    rsolr (1.0.7)
      builder (>= 2.1.2)
    rspec (2.9.0)
      rspec-core (~> 2.9.0)
      rspec-expectations (~> 2.9.0)
      rspec-mocks (~> 2.9.0)
    rspec-core (2.9.0)
    rspec-expectations (2.9.0)
      diff-lcs (~> 1.1.3)
    rspec-mocks (2.9.0)
    rspec-rails (2.9.0)
      actionpack (>= 3.0)
      activesupport (>= 3.0)
      railties (>= 3.0)
      rspec (~> 2.9.0)
    ruby-hmac (0.4.0)
    rubyzip (0.9.6.1)
    sass (3.1.15)
    sass-rails (3.2.5)
      railties (~> 3.2.0)
      sass (>= 3.1.10)
      tilt (~> 1.3)
    selenium-webdriver (2.20.0)
      childprocess (>= 0.2.5)
      ffi (~> 1.0)
      multi_json (~> 1.0)
      rubyzip
    seo_meta (1.3.0)
      railties (>= 3.0.0)
    simple_form (1.5.2)
      actionpack (~> 3.0)
      activemodel (~> 3.0)
    sprockets (2.1.2)
      hike (~> 1.2)
      rack (~> 1.0)
      tilt (~> 1.1, != 1.3.0)
    sqlite3 (1.3.5)
    state_machine (1.1.2)
    sunspot (1.3.1)
      escape (~> 0.0.4)
      pr_geohash (~> 1.0)
      rsolr (~> 1.0.7)
    sunspot_rails (1.3.1)
      nokogiri
      sunspot (= 1.3.1)
    sunspot_solr (1.3.1)
      escape (~> 0.0.4)
    term-ansicolor (1.0.7)
    therubyracer-heroku (0.8.1.pre3)
    thin (1.3.1)
      daemons (>= 1.0.9)
      eventmachine (>= 0.12.6)
      rack (>= 1.0.0)
    thor (0.14.6)
    tilt (1.3.3)
    treetop (1.4.10)
      polyglot
      polyglot (>= 0.3.1)
    truncate_html (0.5.4)
    tzinfo (0.3.32)
    uglifier (1.2.4)
      execjs (>= 0.3.0)
      multi_json (>= 1.0.2)
    warden (1.1.1)
      rack (>= 1.0)
    will_paginate (3.0.3)
    xpath (0.1.4)
      nokogiri (~> 1.3)
    zurb-foundation (2.1.5.1)
      jquery-rails (>= 1.0)
      rails (~> 3.1)

PLATFORMS
  ruby

DEPENDENCIES
  acts_as_tree (~> 0.1.1)
  ajaxful_rating (>= 3.0.0.beta3)
  attr_encrypted (~> 1.2.0)
  capybara-webkit (~> 0.11.0)
  carmen (~> 0.2.12)
  carrierwave (~> 0.5.8)
  coffee-rails (~> 3.2.2)
  cucumber-rails (~> 1.3.0)
  database_cleaner (~> 0.7.2)
  factory_girl_rails (~> 3.0.0)
  fog (~> 1.1.2)
  haml (~> 3.1.4)
  i18n-js (~> 2.1.2)
  jquery-rails (~> 2.0.1)
  launchy (~> 2.1.0)
  mailboxer!
  messaging!
  mysql2 (~> 0.3.11)
  newrelic_rpm
  pg (~> 0.12.2)
  rails (= 3.2.2)
  refinerycms (= 2.0.3)
  refinerycms-blog (~> 2.0.2)!
  refinerycms-i18n (= 2.0.0)
  refinerycms-inquiries!
  refinerycms-news (= 2.0.0)
  refinerycms-settings (= 2.0.1)
  rmagick (~> 2.13.1)
  rspec-rails (~> 2.9.0)
  sass-rails (~> 3.2.5)
  simple_form (~> 1.5.2)
  sqlite3 (~> 1.3.5)
  state_machine (~> 1.1.2)
  sunspot_solr (~> 1.3.0)
  therubyracer-heroku (= 0.8.1.pre3)
  thin (~> 1.3.1)
  uglifier (>= 1.0.3)
  zurb-foundation (~> 2.1.5.1)
